GEM
  remote: https://rubygems.org/
  specs:
    ansi (1.5.0)
    builder (3.2.3)
    coderay (1.1.2)
    coolline (0.5.0)
      unicode_utils (~> 1.4)
    method_source (0.9.2)
    minitest (5.11.3)
    minitest-reporters (1.3.6)
      ansi
      builder
      minitest (>= 5.0)
      ruby-progressbar
    pry (0.12.2)
      coderay (~> 1.1.0)
      method_source (~> 0.9.0)
    pry-coolline (0.2.5)
      coolline (~> 0.5)
    rake (12.3.2)
    ruby-progressbar (1.10.1)
    unicode_utils (1.4.0)

PLATFORMS
  ruby

DEPENDENCIES
  minitest
  minitest-reporters
  pry
  pry-coolline
  rake

BUNDLED WITH
   1.17.2
